GEM
  remote: https://rubygems.org/
  specs:
    dnode (0.0.2)
      eventmachine
      events
    eventmachine (1.0.3)
    events (0.9.8)
    sass (3.3.9)

PLATFORMS
  ruby

DEPENDENCIES
  dnode
  sass
